GEM
  remote: http://rubygems.org/
  specs:
    RedCloth (4.2.3)
    actionmailer (2.3.10)
      actionpack (= 2.3.10)
    actionpack (2.3.10)
      activesupport (= 2.3.10)
      rack (~> 1.1.0)
    activerecord (2.3.10)
      activesupport (= 2.3.10)
    activeresource (2.3.10)
      activesupport (= 2.3.10)
    activesupport (2.3.10)
    acts-as-taggable-on (2.0.6)
    after_commit (1.0.8)
      activerecord (< 3.0.0)
    builder (2.1.2)
    clearance (0.8.8)
    cucumber (0.9.2)
      builder (~> 2.1.2)
      diff-lcs (~> 1.1.2)
      gherkin (~> 2.2.5)
      json (~> 1.4.6)
      term-ansicolor (~> 1.0.5)
    cucumber-rails (0.3.2)
      cucumber (>= 0.8.0)
    daemons (1.1.0)
    database_cleaner (0.5.2)
    diff-lcs (1.1.2)
    eventmachine (0.12.10)
    factory_girl (1.3.2)
    formtastic (1.1.0)
      actionpack (>= 2.3.0)
      activesupport (>= 2.3.0)
      i18n (>= 0.4.0)
    gherkin (2.2.9)
      json (~> 1.4.6)
      term-ansicolor (~> 1.0.5)
    i18n (0.4.1)
    json (1.4.6)
    less (1.2.21)
      mutter (>= 0.4.2)
      treetop (>= 1.4.2)
    liquid (2.2.2)
    mutter (0.5.3)
    nokogiri (1.4.3.1)
    paperclip (2.3.4)
      activerecord
      activesupport
    pg (0.9.0)
    polyglot (0.3.1)
    rack (1.1.0)
    rack-openid (1.2.0)
      rack (>= 1.1.0)
      ruby-openid (>= 2.1.8)
    rack-test (0.5.6)
      rack (>= 1.0)
    rails (2.3.10)
      actionmailer (= 2.3.10)
      actionpack (= 2.3.10)
      activerecord (= 2.3.10)
      activeresource (= 2.3.10)
      activesupport (= 2.3.10)
      rake (>= 0.8.3)
    rake (0.8.7)
    rcov (0.9.9)
    riddle (1.1.0)
    rspec (1.3.0)
    rspec-rails (1.3.2)
      rack (>= 1.0.0)
      rspec (>= 1.3.0)
    ruby-openid (2.1.8)
    shoulda (2.11.3)
    simplecov (0.3.6)
      simplecov-html (>= 0.3.7)
    simplecov-html (0.3.8)
    subdomain-fu (0.5.4)
    term-ansicolor (1.0.5)
    thin (1.2.7)
      daemons (>= 1.0.9)
      eventmachine (>= 0.12.6)
      rack (>= 1.0.0)
    thinking-sphinx (1.3.18)
      activerecord (>= 1.15.6)
      after_commit (>= 1.0.6)
      riddle (>= 1.0.10)
    treetop (1.4.8)
      polyglot (>= 0.3.1)
    webrat (0.7.2)
      nokogiri (>= 1.2.0)
      rack (>= 1.0)
      rack-test (>= 0.5.3)
    zipruby (0.3.6)

PLATFORMS
  ruby

DEPENDENCIES
  RedCloth
  acts-as-taggable-on
  clearance
  cucumber-rails
  database_cleaner
  factory_girl
  formtastic
  less
  liquid
  nokogiri
  paperclip
  pg
  rack-openid
  rails (= 2.3.10)
  rcov
  rspec (= 1.3.0)
  rspec-rails
  shoulda
  simplecov
  simplecov-html
  subdomain-fu
  thin
  thinking-sphinx (= 1.3.18)
  webrat
  zipruby
